GIT
  remote: git://github.com/EosLightmedia/BubbleWrap.git
  revision: 876ca957d4de19eebdc37fb9f28d4c1a88645031
  specs:
    bubble-wrap (1.9.6)

GEM
  remote: https://rubygems.org/
  specs:
    motion_print (1.2.0)
    rake (12.3.1)

PLATFORMS
  ruby

DEPENDENCIES
  bubble-wrap!
  motion_print
  rake

BUNDLED WITH
   1.16.1
